GEM
  remote: http://rubygems.org/
  specs:
    fssm (0.2.7)

PLATFORMS
  ruby

DEPENDENCIES
  fssm
